GEM
  remote: https://rubygems.org/
  specs:
    puma (2.8.1)
      rack (>= 1.1, < 2.0)
    rack (1.5.2)
    rake (10.0.3)

PLATFORMS
  ruby

DEPENDENCIES
  puma
  rack
  rake
